GEM
  remote: http://rubygems.org/
  specs:
    stringex (2.5.2)

PLATFORMS
  ruby

DEPENDENCIES
  stringex

BUNDLED WITH
   1.10.1
